GEM
  remote: https://rubygems.org/
  specs:
    stomp (1.3.2)
    trollop (2.0)

PLATFORMS
  ruby

DEPENDENCIES
  stomp (~> 1.3.2)
  trollop (~> 2.0)
